GEM
  remote: https://rubygems.org/
  specs:
    bubble-wrap (1.1.4)
    formotion (1.2)
      bubble-wrap (>= 1.1.4)

PLATFORMS
  ruby

DEPENDENCIES
  bubble-wrap
  formotion
